GEM
  remote: https://rubygems.org/
  specs:
    jekyll (4.3.2)
    jekyll-feed (0.17.0)
    jekyll-seo-tag (2.8.0)

PLATFORMS
  ruby

DEPENDENCIES
  jekyll (~> 4.3.2)
  jekyll-feed
  jekyll-seo-tag

BUNDLED WITH
   2.4.22
